GIT
  remote: git://github.com/divineforest/spree-blogging-spree.git
  revision: 6c3de36386ad4ae1ce41adf4ae4445ff5413887a
  specs:
    spree_blogging_spree (0.2.1)
      is_taggable
      spree_core (>= 0.30.0)

GIT
  remote: git://github.com/jeroenj/globalize3.git
  revision: ce949bf90462ca1a0f600436df4bbdd1c53aa64d
  specs:
    globalize3 (0.1.0.beta)
      activemodel (>= 3.0.0)
      activerecord (>= 3.0.0)

GIT
  remote: git://github.com/kritik/spree_ajax_cart
  revision: a21f99f8ab97d07562c5cd3624714a2d45c1ef24
  specs:
    spree_ajax_cart (1.0.0)
      spree_core (>= 0.40.0)

GIT
  remote: git://github.com/pronix/spree_webmoney.git
  revision: 52e3055632e5a21baaf1b671f0730362ad37a698
  specs:
    spree_webmoney (1.0.2)
      spree_core (>= 0.30.1)

GIT
  remote: git://github.com/romul/spree-reviews.git
  revision: 4a7aa5066511d5d326e47faf7adaca2211087ec3
  specs:
    spree_reviews (0.50.1)
      spree_core (>= 0.50.0)

GIT
  remote: git://github.com/romul/spree_editor.git
  revision: da5c7fcb980d39a2e0f71a7f132463c28ef8c665
  specs:
    spree_editor (0.50.0)
      spree_core (>= 0.40.0)

GIT
  remote: git://github.com/romul/spree_robokassa.git
  revision: 49b6e12708f71cda68691362f2f5c15462c789f7
  specs:
    spree_robokassa (0.50.0)
      spree_core (>= 0.30.1)

GIT
  remote: git://github.com/spree/spree.git
  revision: e75990dea23aac9b773f4a9626aa861ab94fee31
  specs:
    spree (0.60.99)
      spree_api (= 0.60.99)
      spree_auth (= 0.60.99)
      spree_core (= 0.60.99)
      spree_dash (= 0.60.99)
      spree_promo (= 0.60.99)
      spree_sample (= 0.60.99)
    spree_api (0.60.99)
      spree_auth (= 0.60.99)
      spree_core (= 0.60.99)
    spree_auth (0.60.99)
      cancan (= 1.6.4)
      devise (= 1.3.3)
      spree_core (= 0.60.99)
    spree_core (0.60.99)
      activemerchant (= 1.14.0)
      acts_as_list (= 0.1.2)
      faker (= 0.9.5)
      highline (= 1.5.1)
      jquery-rails (= 0.2.6)
      meta_search (= 1.0.5)
      nested_set (= 1.6.4)
      paperclip (= 2.3.8)
      rails (= 3.0.7)
      rd_find_by_param (= 0.1.1)
      rd_resource_controller
      rd_unobtrusive_date_picker (= 0.1.0)
      state_machine (= 0.9.4)
      stringex (= 1.0.3)
      will_paginate (= 3.0.pre2)
    spree_dash (0.60.99)
      spree_core (= 0.60.99)
    spree_promo (0.60.99)
      spree_core (= 0.60.99)
    spree_sample (0.60.99)
      spree_core (= 0.60.99)

GIT
  remote: git://github.com/spree/spree_i18n.git
  revision: c72c4cc954e9569e11c25af00cb795522a1d733c
  specs:
    spree_i18n (1.0.0)
      spree_core (>= 0.30.0)

GIT
  remote: git://github.com/spree/spree_wishlist.git
  revision: b9cab0e2609d1f8f0dbb286132c3046230816ddf
  specs:
    spree_wishlist (1.1)
      spree_auth (>= 0.30.0)
      spree_core (>= 0.30.0)
      spree_email_to_friend (>= 0.30.0.beta2)

PATH
  remote: variable_settings
  specs:
    variable_settings (0.50.0)
      spree_core (>= 0.50.0)

GEM
  remote: http://rubygems.org/
  specs:
    abstract (1.0.0)
    actionmailer (3.0.7)
      actionpack (= 3.0.7)
      mail (~> 2.2.15)
    actionpack (3.0.7)
      activemodel (= 3.0.7)
      activesupport (= 3.0.7)
      builder (~> 2.1.2)
      erubis (~> 2.6.6)
      i18n (~> 0.5.0)
      rack (~> 1.2.1)
      rack-mount (~> 0.6.14)
      rack-test (~> 0.5.7)
      tzinfo (~> 0.3.23)
    activemerchant (1.14.0)
      activesupport (>= 2.3.8)
      braintree (>= 2.0.0)
      builder (>= 2.0.0)
    activemodel (3.0.7)
      activesupport (= 3.0.7)
      builder (~> 2.1.2)
      i18n (~> 0.5.0)
    activerecord (3.0.7)
      activemodel (= 3.0.7)
      activesupport (= 3.0.7)
      arel (~> 2.0.2)
      tzinfo (~> 0.3.23)
    activeresource (3.0.7)
      activemodel (= 3.0.7)
      activesupport (= 3.0.7)
    activesupport (3.0.7)
    acts_as_commentable (3.0.0)
    acts_as_list (0.1.2)
    arel (2.0.9)
    bcrypt-ruby (2.1.4)
    braintree (2.10.0)
      builder
    builder (2.1.2)
    cancan (1.6.4)
    devise (1.3.3)
      bcrypt-ruby (~> 2.1.2)
      orm_adapter (~> 0.0.3)
      warden (~> 1.0.3)
    erubis (2.6.6)
      abstract (>= 1.0.0)
    faker (0.9.5)
      i18n (~> 0.4)
    highline (1.5.1)
    i18n (0.5.0)
    is_taggable (0.1.0)
    jquery-rails (0.2.6)
      rails (~> 3.0)
      thor (~> 0.14.4)
    mail (2.2.19)
      activesupport (>= 2.3.6)
      i18n (>= 0.4.0)
      mime-types (~> 1.16)
      treetop (~> 1.4.8)
    meta_search (1.0.5)
      actionpack (~> 3.0.2)
      activerecord (~> 3.0.2)
      activesupport (~> 3.0.2)
      arel (~> 2.0.2)
    mime-types (1.16)
    mysql2 (0.2.7)
    nested_set (1.6.4)
      activerecord (>= 3.0.0)
      railties (>= 3.0.0)
    orm_adapter (0.0.5)
    paperclip (2.3.8)
      activerecord
      activesupport
    polyglot (0.3.1)
    rack (1.2.2)
    rack-mount (0.6.14)
      rack (>= 1.0.0)
    rack-test (0.5.7)
      rack (>= 1.0)
    rails (3.0.7)
      actionmailer (= 3.0.7)
      actionpack (= 3.0.7)
      activerecord (= 3.0.7)
      activeresource (= 3.0.7)
      activesupport (= 3.0.7)
      bundler (~> 1.0)
      railties (= 3.0.7)
    railties (3.0.7)
      actionpack (= 3.0.7)
      activesupport (= 3.0.7)
      rake (>= 0.8.7)
      thor (~> 0.14.4)
    rake (0.8.7)
    rd_find_by_param (0.1.1)
      activerecord (~> 3.0)
      activesupport (~> 3.0)
    rd_resource_controller (1.0.1)
    rd_unobtrusive_date_picker (0.1.0)
    recaptcha (0.3.1)
    spree_comments (1.0.0)
      acts_as_commentable (= 3.0.0)
      spree_core (>= 0.30.0)
    spree_email_to_friend (1.0.0)
      recaptcha (>= 0.3.1)
      spree_auth (>= 0.30.1)
      spree_core (>= 0.30.1)
    spree_product_translations (0.0.3)
      globalize3 (~> 0.1.0.beta)
      spree_core (>= 0.40.3)
    spree_simple_product_translations (0.0.6)
      spree_core (>= 0.40.3)
      spree_product_translations (~> 0.0.3)
    spree_static_content (0.40.2)
      spree_core (>= 0.30.0)
      spree_editor
    state_machine (0.9.4)
    stringex (1.0.3)
    thor (0.14.6)
    treetop (1.4.9)
      polyglot (>= 0.3.1)
    tzinfo (0.3.27)
    warden (1.0.4)
      rack (>= 1.0)
    will_paginate (3.0.pre2)

PLATFORMS
  ruby

DEPENDENCIES
  acts_as_commentable
  globalize3!
  mysql2 (< 0.3)
  rails (= 3.0.7)
  spree!
  spree_ajax_cart!
  spree_blogging_spree!
  spree_comments
  spree_editor!
  spree_email_to_friend
  spree_i18n!
  spree_reviews!
  spree_robokassa!
  spree_simple_product_translations
  spree_static_content
  spree_webmoney!
  spree_wishlist!
  variable_settings!
